STORAGE: NONE
RESTRICTION: == net6.0
NUGET
  remote: https://api.nuget.org/v3/index.json
    Fable.AST (4.2.1)
    Fable.Browser.Blob (1.3)
      Fable.Core (>= 3.0)
      FSharp.Core (>= 4.7.2)
    Fable.Browser.Dom (2.14)
      Fable.Browser.Blob (>= 1.3)
      Fable.Browser.Event (>= 1.5)
      Fable.Browser.WebStorage (>= 1.2)
      Fable.Core (>= 3.2.8)
      FSharp.Core (>= 4.7.2)
    Fable.Browser.Event (1.5)
      Fable.Browser.Gamepad (>= 1.1)
      Fable.Core (>= 3.0)
      FSharp.Core (>= 4.7.2)
    Fable.Browser.Gamepad (1.2)
      Fable.Core (>= 3.0)
      FSharp.Core (>= 4.7.2)
    Fable.Browser.Url (1.3.2)
      Fable.Core (>= 3.0)
      FSharp.Core (>= 4.7.2)
    Fable.Browser.WebStorage (1.2)
      Fable.Browser.Event (>= 1.5)
      Fable.Core (>= 3.0)
      FSharp.Core (>= 4.7.2)
    Fable.Browser.Worker (1.2)
      Fable.Browser.Event (>= 1.5)
      Fable.Core (>= 3.0)
      FSharp.Core (>= 4.7.2)
    Fable.Core (3.7.1)
    Fable.Elmish (4.0.1)
      Fable.Core (>= 3.7.1)
      FSharp.Core (>= 4.7.2)
    Fable.Elmish.React (3.0.1)
      Fable.Core (>= 3.0)
      Fable.Elmish (>= 3.0)
      Fable.React (>= 5.1)
      FSharp.Core (>= 4.6.2)
    Fable.React (8.0.1)
      Fable.Browser.Dom (>= 2.4.4)
      Fable.Core (>= 3.2.7)
      FSharp.Core (>= 4.7.2)
    Fable.YALPS (0.3)
      Fable.Core (>= 3.7.1)
      FSharp.Core (>= 6.0.5)
    Feliz (1.68)
      Fable.Core (>= 3.1.5)
      Fable.React (>= 7.4)
      Feliz.CompilerPlugins (>= 1.10)
      FSharp.Core (>= 4.7.2)
    Feliz.CompilerPlugins (1.10)
      Fable.AST (>= 3.0)
      FSharp.Core (>= 4.7.2)
    Feliz.Recharts (3.16)
      Feliz (>= 1.68)
      FSharp.Core (>= 4.7.2)
    FSharp.Core (7.0.200)
    MonoGame.Framework.DesktopGL (3.8.1.303)
    Newtonsoft.Json (13.0.2)
    Thoth.Json (10.0)
      Fable.Core (>= 3.1.6)
      FSharp.Core (>= 4.7.2)
    Thoth.Json.Net (11.0)
      Fable.Core (>= 3.1.6)
      FSharp.Core (>= 4.7.2)
      Newtonsoft.Json (>= 11.0.2)
