STORAGE: NONE
RESTRICTION: || (== net6.0) (== net8.0)
NUGET
  remote: https://api.nuget.org/v3/index.json
    Fable.AST (4.5)
    Fable.Browser.Blob (1.4)
      Fable.Core (>= 3.2.8)
      FSharp.Core (>= 4.7.2)
    Fable.Browser.Dom (2.20)
      Fable.Browser.Blob (>= 1.4)
      Fable.Browser.Event (>= 1.7)
      Fable.Browser.WebStorage (>= 1.3)
      Fable.Core (>= 3.2.8)
      FSharp.Core (>= 4.7.2)
    Fable.Browser.Event (1.7)
      Fable.Browser.Gamepad (>= 1.3)
      Fable.Core (>= 3.2.8)
      FSharp.Core (>= 4.7.2)
    Fable.Browser.Gamepad (1.3)
      Fable.Core (>= 3.2.8)
      FSharp.Core (>= 4.7.2)
    Fable.Browser.Url (1.4)
      Fable.Core (>= 3.2.8)
      FSharp.Core (>= 4.7.2)
    Fable.Browser.WebStorage (1.3)
      Fable.Browser.Event (>= 1.6)
      Fable.Core (>= 3.2.8)
      FSharp.Core (>= 4.7.2)
    Fable.Browser.Worker (1.4)
      Fable.Browser.Event (>= 1.6)
      Fable.Browser.Url (>= 1.4)
      Fable.Core (>= 3.2.8)
      FSharp.Core (>= 4.7.2)
    Fable.Core (4.5)
    Fable.Elmish (5.0.2)
      Fable.Core (>= 4.0)
      FSharp.Core (>= 4.7.2)
    Fable.Elmish.React (5.0)
      Fable.Elmish (>= 5.0)
      Fable.ReactDom.Types (>= 18.2)
      FSharp.Core (>= 4.7.2)
    Fable.React (9.4)
      Fable.React.Types (>= 18.3)
      Fable.ReactDom.Types (>= 18.2)
      FSharp.Core (>= 4.7.2)
    Fable.React.Types (18.4)
      Fable.Browser.Dom (>= 2.4.4)
      Fable.Core (>= 3.2.7)
      FSharp.Core (>= 4.7.2)
    Fable.ReactDom.Types (18.2)
      Fable.React.Types (>= 18.3)
      FSharp.Core (>= 4.7.2)
    Feliz (2.9)
      Fable.ReactDom.Types (>= 18.2)
      Feliz.CompilerPlugins (>= 2.2)
      FSharp.Core (>= 4.7.2)
    Feliz.CompilerPlugins (2.2)
      Fable.AST (>= 4.2.1)
      FSharp.Core (>= 4.7.2)
    Feliz.Recharts (4.3)
      Feliz (>= 2.3)
      FSharp.Core (>= 4.7.2)
    FSharp.Core (9.0.303)
    MonoGame.Framework.DesktopGL (3.8.4)
      MonoGame.Library.OpenAL (>= 1.23.1.10) - restriction: || (&& (== net6.0) (>= net8.0)) (== net8.0)
      MonoGame.Library.SDL (>= 2.32.2.1) - restriction: || (&& (== net6.0) (>= net8.0)) (== net8.0)
      NVorbis (>= 0.10.4) - restriction: || (&& (== net6.0) (>= net8.0)) (== net8.0)
    MonoGame.Library.OpenAL (1.24.3.2) - restriction: || (&& (== net6.0) (>= net8.0)) (== net8.0)
    MonoGame.Library.SDL (2.32.10.1) - restriction: || (&& (== net6.0) (>= net8.0)) (== net8.0)
    Newtonsoft.Json (13.0.4)
    NVorbis (0.10.5) - restriction: || (&& (== net6.0) (>= net8.0)) (== net8.0)
      System.Memory (>= 4.5.3)
      System.ValueTuple (>= 4.5)
    System.Memory (4.6.3) - restriction: || (&& (== net6.0) (>= net8.0)) (== net8.0)
    System.ValueTuple (4.6.1) - restriction: || (&& (== net6.0) (>= net8.0)) (== net8.0)
    Thoth.Json (10.4.1)
      Fable.Core (>= 4.1)
      FSharp.Core (>= 5.0.2)
    Thoth.Json.Net (12.0)
      Fable.Core (>= 3.1.6)
      FSharp.Core (>= 4.7.2)
      Newtonsoft.Json (>= 13.0.1)
